PATH
  remote: .
  specs:
    usps_flags-burgees (0.0.16)
      usps_flags (~> 0.3, >= 0.3.16)

GEM
  remote: https://rubygems.org/
  specs:
    diff-lcs (1.3)
    docile (1.1.5)
    file_utils (1.1.2)
    json (2.1.0)
    mini_magick (4.8.0)
    rake (12.2.1)
    rspec (3.7.0)
      rspec-core (~> 3.7.0)
      rspec-expectations (~> 3.7.0)
      rspec-mocks (~> 3.7.0)
    rspec-core (3.7.0)
      rspec-support (~> 3.7.0)
    rspec-expectations (3.7.0)
      diff-lcs (>= 1.2.0, < 2.0)
      rspec-support (~> 3.7.0)
    rspec-mocks (3.7.0)
      diff-lcs (>= 1.2.0, < 2.0)
      rspec-support (~> 3.7.0)
    rspec-support (3.7.0)
    rubyzip (1.2.1)
    simplecov (0.15.1)
      docile (~> 1.1.0)
      json (>= 1.8, < 3)
      simplecov-html (~> 0.10.0)
    simplecov-html (0.10.2)
    usps_flags (0.3.16)
      file_utils (~> 1.1, >= 1.1.2)
      mini_magick (~> 4.8, >= 4.8.0)
      rubyzip (~> 1.2, >= 1.2.1)

PLATFORMS
  ruby

DEPENDENCIES
  rake (~> 12.2, >= 12.2.1)
  rspec (~> 3.7, >= 3.7.0)
  simplecov (~> 0.15, >= 0.15.1)
  usps_flags-burgees!

BUNDLED WITH
   1.16.0
