PATH
  remote: .
  specs:
    usps_flags-burgees (0.0.1)
      usps_flags (~> 0.3, >= 0.3.6)

GEM
  remote: https://rubygems.org/
  specs:
    file_utils (1.1.2)
    mini_magick (4.8.0)
    rubyzip (1.2.1)
    usps_flags (0.3.6)
      file_utils (~> 1.1, >= 1.1.2)
      mini_magick (~> 4.8, >= 4.8.0)
      rubyzip (~> 1.2, >= 1.2.1)

PLATFORMS
  ruby

DEPENDENCIES
  usps_flags-burgees!

BUNDLED WITH
   1.16.0
